GEM
  remote: https://rubygems.org/
  specs:
    concurrent-ruby (1.2.2)
    diff-lcs (1.5.0)
    dry-auto_inject (1.0.1)
      dry-core (~> 1.0)
      zeitwerk (~> 2.6)
    dry-container (0.11.0)
      concurrent-ruby (~> 1.0)
    dry-core (1.0.0)
      concurrent-ruby (~> 1.0)
      zeitwerk (~> 2.6)
    rspec (3.12.0)
      rspec-core (~> 3.12.0)
      rspec-expectations (~> 3.12.0)
      rspec-mocks (~> 3.12.0)
    rspec-core (3.12.2)
      rspec-support (~> 3.12.0)
    rspec-expectations (3.12.3)
      diff-lcs (>= 1.2.0, < 2.0)
      rspec-support (~> 3.12.0)
    rspec-mocks (3.12.6)
      diff-lcs (>= 1.2.0, < 2.0)
      rspec-support (~> 3.12.0)
    rspec-support (3.12.1)
    zeitwerk (2.6.9)

PLATFORMS
  x86_64-linux

DEPENDENCIES
  dry-auto_inject
  dry-container
  rspec

BUNDLED WITH
   2.4.16
